GIT
  remote: git://github.com/alexreisner/geocoder.git
  revision: ea6ec79688d3c7824509eb8ea0bfd0ca650baca6
  specs:
    geocoder (1.1.6)

GIT
  remote: git://github.com/apneadiving/Google-Maps-for-Rails.git
  revision: 3ff52deb455e1077c9f60660486fcd38f78e737f
  specs:
    gmaps4rails (2.0.0.pre)

GIT
  remote: git://github.com/drapergem/draper.git
  revision: dc430b3e82de0d9cae86f7297f816e5b69d9ca58
  specs:
    draper (1.1.0)
      actionpack (>= 3.0)
      activesupport (>= 3.0)
      request_store (~> 1.0.3)

GIT
  remote: git://github.com/haml/haml.git
  revision: dcd601a7239c15f4ec82636890334b63c9f6abec
  branch: stable
  specs:
    haml (4.0.1)
      tilt

GIT
  remote: git://github.com/kristianmandrup/context_exposer.git
  revision: b2824667030aa172d5ea00bbdf79cc6dcb5169b1
  specs:
    context_exposer (0.4.1)

GIT
  remote: git://github.com/kristianmandrup/controll.git
  revision: 99f25c1153ff7d04fab64391977e7140ce5b3d37
  specs:
    controll (0.3.2)
      focused_controller
      hashie (>= 1.2)
      i18n (>= 0.6)
      imperator-ext (>= 0.2.0)
      liquid
      rails (>= 3.1)

GIT
  remote: git://github.com/kristianmandrup/ember-auth-rails.git
  revision: 05c37ccfedcc62ecc12816f21ca6e04897f7e890
  specs:
    ember-auth-rails (3.4.2)
      ember-rails (>= 0.10)

GIT
  remote: git://github.com/kristianmandrup/ember-bootstrap-rails.git
  revision: 09b9291b9df0faf0b209ce1c0f4df5b0d5720526
  specs:
    ember-bootstrap-rails (0.0.1)
      rails (>= 3.1.0)

GIT
  remote: git://github.com/kristianmandrup/ember-oauth2-rails.git
  revision: 767064127e388bfd8abc751c5661af70b1d6c32e
  specs:
    ember-oauth2-rails (0.0.1)
      rails (>= 3.1)

GIT
  remote: git://github.com/kristianmandrup/focused_controller.git
  revision: c5e69c23ef44b4f4173dbb6d99521ff70db31558
  specs:
    focused_controller (0.1.0)
      actionpack (>= 3.1)

GIT
  remote: git://github.com/kristianmandrup/imperator-ext.git
  revision: 751f305d061b7aa36fef49f8882dc0b1763bec91
  specs:
    imperator-ext (0.2.4)
      imperator
      virtus

GIT
  remote: git://github.com/kristianmandrup/property.git
  revision: d5764d4cf4247bc43ed2d95ae45ae99b3418e207
  specs:
    rent_property (0.0.1)

GIT
  remote: git://github.com/kristianmandrup/property_description.git
  revision: bb3fdd56bc5094509e2a35d5c6370a3ff42ee301
  specs:
    property_description (0.0.1)

GIT
  remote: git://github.com/kristianmandrup/property_living_space.git
  revision: 1b83f4e914f4402220caedc8e96ca675e365951c
  specs:
    property_living_space (0.0.1)

GIT
  remote: git://github.com/kristianmandrup/property_location.git
  revision: 109bce411f23c63f38ea1e0dd2bdc681b79883bb
  specs:
    property_location (0.0.1)

GIT
  remote: git://github.com/kristianmandrup/rent_account.git
  revision: 845c9820072b43f49d10d5ae7cd4d5c96388eb09
  specs:
    rent_account (0.0.1)

GIT
  remote: git://github.com/kristianmandrup/sugar-high.git
  revision: a664566b1ae94a404553c2fe2434165e0c5f550b
  specs:
    sugar-high (0.7.3)

GIT
  remote: git://github.com/kristianmandrup/xduration.git
  revision: 59813d6a54c9136421c0ebadfcfbbd2c39cdacd9
  specs:
    xduration (3.0.0)
      activesupport (>= 3.0.0)
      i18n (>= 0.6)

GIT
  remote: git://github.com/littlebtc/font-awesome-sass-rails.git
  revision: ef72d282529af501067963b0a2a89311de929b0e
  specs:
    font-awesome-sass-rails (3.0.2.2)
      railties (>= 3.1.1)
      sass-rails (>= 3.1.1)

GIT
  remote: git://github.com/mhartl/pivotal-github.git
  revision: 76b927a2b2ada3b24a8b3f8f8f73b4a7fa05b444
  specs:
    pivotal-github (0.6.12)

GIT
  remote: git://github.com/mongoid/mongoid.git
  revision: 3166986b66a5f386c71ad4a13b019865ba872b2b
  specs:
    mongoid (4.0.0)
      activemodel (~> 4.0.0.beta)
      moped (~> 1.4.2)
      origin (~> 1.0)
      tzinfo (~> 0.3.22)

GIT
  remote: git://github.com/nofxx/mongoid_geospatial.git
  revision: f9d1a78de673b5342d398483f141f9aa08bdddc0
  specs:
    mongoid_geospatial (2.7.2)
      activesupport (>= 3.2)
      mongoid (>= 3.0.0)

GIT
  remote: git://github.com/rails/coffee-rails.git
  revision: 948fef30464235e7588e34faa513b448a00c0e6b
  specs:
    coffee-rails (4.0.0.beta1)
      coffee-script (>= 2.2.0)
      railties (>= 4.0.0.beta, < 5.0)

GIT
  remote: git://github.com/rails/rails.git
  revision: c4a7c31581c8386198317a2385f9c7d462c18497
  specs:
    actionmailer (4.0.0.beta1)
      actionpack (= 4.0.0.beta1)
      mail (~> 2.5.3)
    actionpack (4.0.0.beta1)
      activesupport (= 4.0.0.beta1)
      builder (~> 3.1.0)
      erubis (~> 2.7.0)
      rack (~> 1.5.2)
      rack-test (~> 0.6.2)
    activemodel (4.0.0.beta1)
      activesupport (= 4.0.0.beta1)
      builder (~> 3.1.0)
    activerecord (4.0.0.beta1)
      activemodel (= 4.0.0.beta1)
      activerecord-deprecated_finders (~> 0.0.3)
      activesupport (= 4.0.0.beta1)
      arel (~> 4.0.0.beta2)
    activesupport (4.0.0.beta1)
      i18n (~> 0.6, >= 0.6.4)
      minitest (~> 4.2)
      multi_json (~> 1.3)
      thread_safe (~> 0.1)
      tzinfo (~> 0.3.33)
    rails (4.0.0.beta1)
      actionmailer (= 4.0.0.beta1)
      actionpack (= 4.0.0.beta1)
      activerecord (= 4.0.0.beta1)
      activesupport (= 4.0.0.beta1)
      bundler (>= 1.3.0, < 2.0)
      railties (= 4.0.0.beta1)
      sprockets-rails (~> 2.0.0.rc3)
    railties (4.0.0.beta1)
      actionpack (= 4.0.0.beta1)
      activesupport (= 4.0.0.beta1)
      rake (>= 0.8.7)
      rdoc (~> 3.4)
      thor (>= 0.17.0, < 2.0)

GIT
  remote: git://github.com/rails/sass-rails.git
  revision: d435679b0fe528b954a9abd0059f975d94707574
  specs:
    sass-rails (4.0.0.beta1)
      railties (>= 4.0.0.beta, < 5.0)
      sass (>= 3.1.10)
      sprockets-rails (~> 2.0.0.rc0)
      tilt (~> 1.3)

GIT
  remote: git://github.com/rails/sprockets-rails.git
  revision: afce1e65f7c6df4ae96522b26e755915d238ff80
  specs:
    sprockets-rails (2.0.0.rc3)
      actionpack (>= 3.0)
      activesupport (>= 3.0)
      sprockets (~> 2.8)

GIT
  remote: git://github.com/seyhunak/twitter-bootstrap-rails.git
  revision: 679fc6ee91b8e77e4f30625ca574c142ac3d5782
  specs:
    twitter-bootstrap-rails (2.2.6)
      actionpack (>= 3.1)
      execjs
      railties (>= 3.1)

PATH
  remote: /Users/kmandrup/private/repos/sorcery
  specs:
    sorcery (0.8.1)
      bcrypt-ruby (~> 3.0.0)
      oauth (~> 0.4.4)
      oauth2 (~> 0.8.0)

GEM
  remote: http://rubygems.org/
  specs:
    active_model_serializers (0.7.0)
      activemodel (>= 3.0)
    activerecord-deprecated_finders (0.0.3)
    addressable (2.3.3)
    arel (4.0.0.beta2)
    atomic (1.0.1)
    backports (2.6.7)
    barber (0.4.1)
      ember-source
      execjs
      handlebars-source
    barber-emblem (0.1.1)
      barber (>= 0.4.1)
      emblem-source
    bcrypt-ruby (3.0.1)
    better_errors (0.7.2)
      coderay (>= 1.0.0)
      erubis (>= 2.6.6)
    binding_of_caller (0.7.1)
      debug_inspector (>= 0.0.1)
    builder (3.1.4)
    capybara (2.0.2)
      mime-types (>= 1.16)
      nokogiri (>= 1.3.3)
      rack (>= 1.0.0)
      rack-test (>= 0.5.4)
      selenium-webdriver (~> 2.0)
      xpath (~> 1.0.0)
    childprocess (0.3.9)
      ffi (~> 1.0, >= 1.0.11)
    coderay (1.0.9)
    coffee-script (2.2.0)
      coffee-script-source
      execjs
    coffee-script-source (1.6.1)
    concerned (0.1.6)
    daemons (1.1.9)
    database_cleaner (0.9.1)
    debug_inspector (0.0.2)
    decent_exposure (2.1.0)
    descendants_tracker (0.0.1)
    diff-lcs (1.2.1)
    ember-data-source (0.0.5)
      ember-source
    ember-rails (0.11.1)
      active_model_serializers
      barber (>= 0.4.1)
      ember-data-source
      ember-source
      execjs (>= 1.2)
      railties (>= 3.1)
    ember-source (0.0.3)
      handlebars-source (>= 1.0.0.rc3, < 1.0.0.rc4)
    emblem-rails (0.1.0)
      barber-emblem (~> 0.1.1)
      ember-rails (~> 0.11.1)
    emblem-source (0.1.18)
    erubis (2.7.0)
    eventmachine (1.0.3)
    execjs (1.4.0)
      multi_json (~> 1.0)
    factory_girl (4.2.0)
      activesupport (>= 3.0.0)
    factory_girl_rails (4.2.1)
      factory_girl (~> 4.2.0)
      railties (>= 3.0.0)
    faraday (0.8.6)
      multipart-post (~> 1.1)
    faye-websocket (0.4.7)
      eventmachine (>= 0.12.0)
    ffi (1.4.0)
    gmaps-autocomplete-rails (0.1.2.1)
      rails (>= 3.1.0)
    growl (1.0.3)
    guard (1.6.2)
      listen (>= 0.6.0)
      lumberjack (>= 1.0.2)
      pry (>= 0.9.10)
      terminal-table (>= 1.4.3)
      thor (>= 0.14.6)
    guard-bundler (1.0.0)
      bundler (~> 1.0)
      guard (~> 1.1)
    guard-rspec (2.5.1)
      guard (>= 1.1)
      rspec (~> 2.11)
    guard-spork (1.5.0)
      childprocess (>= 0.2.3)
      guard (>= 1.1)
      spork (>= 0.8.4)
    haml-rails (0.4)
      actionpack (>= 3.1, < 4.1)
      activesupport (>= 3.1, < 4.1)
      haml (>= 3.1, < 4.1)
      railties (>= 3.1, < 4.1)
    handlebars-source (1.0.0.rc3)
    hashie (1.2.0)
    hike (1.2.1)
    http_parser.rb (0.5.3)
    httpauth (0.2.0)
    i18n (0.6.4)
    imperator (0.2.0)
      activemodel
      uuidtools
      virtus
    jbuilder (1.0.2)
      activesupport (>= 3.0.0)
    jquery-rails (2.2.1)
      railties (>= 3.0, < 5.0)
      thor (>= 0.14, < 2.0)
    jquery-ui-rails (4.0.2)
      jquery-rails
      railties (>= 3.1.0)
    json (1.7.7)
    jwt (0.1.8)
      multi_json (>= 1.5)
    launchy (2.2.0)
      addressable (~> 2.3)
    liquid (2.5.0)
    listen (0.7.3)
    lumberjack (1.0.2)
    mail (2.5.3)
      i18n (>= 0.4.0)
      mime-types (~> 1.16)
      treetop (~> 1.4.8)
    masonry-rails (0.2.0)
      rails
    meta_request (0.2.2)
      rack-contrib
      railties
    method_source (0.8.1)
    mime-types (1.21)
    minitest (4.7.0)
    mongoid_indexing (0.1.2)
      mongoid (>= 3)
      moped (>= 1.4)
      rails (>= 3.1)
    moped (1.4.3)
    multi_json (1.7.1)
    multipart-post (1.2.0)
    nokogiri (1.5.6)
    oauth (0.4.7)
    oauth2 (0.8.1)
      faraday (~> 0.8)
      httpauth (~> 0.1)
      jwt (~> 0.1.4)
      multi_json (~> 1.0)
      rack (~> 1.2)
    on_the_map (0.1.1)
      concerned (~> 0.1.3)
      hashie (~> 1.2)
      mongoid (>= 4)
      sugar-high (~> 0.7.3)
    origin (1.0.11)
    poltergeist (1.1.0)
      capybara (~> 2.0, >= 2.0.1)
      faye-websocket (~> 0.4, >= 0.4.4)
      http_parser.rb (~> 0.5.3)
    polyglot (0.3.3)
    pry (0.9.12)
      coderay (~> 1.0.5)
      method_source (~> 0.8)
      slop (~> 3.4)
    rack (1.5.2)
    rack-contrib (1.1.0)
      rack (>= 0.9.1)
    rack-test (0.6.2)
      rack (>= 1.0)
    rake (10.0.3)
    rb-fsevent (0.9.3)
    rdoc (3.12.2)
      json (~> 1.4)
    request_store (1.0.5)
    rspec (2.13.0)
      rspec-core (~> 2.13.0)
      rspec-expectations (~> 2.13.0)
      rspec-mocks (~> 2.13.0)
    rspec-core (2.13.1)
    rspec-expectations (2.13.0)
      diff-lcs (>= 1.1.3, < 2.0)
    rspec-mocks (2.13.0)
    rspec-rails (2.13.0)
      actionpack (>= 3.0)
      activesupport (>= 3.0)
      railties (>= 3.0)
      rspec-core (~> 2.13.0)
      rspec-expectations (~> 2.13.0)
      rspec-mocks (~> 2.13.0)
    rubyzip (0.9.9)
    sass (3.2.7)
    selenium-webdriver (2.31.0)
      childprocess (>= 0.2.5)
      multi_json (~> 1.0)
      rubyzip
      websocket (~> 1.0.4)
    slop (3.4.4)
    spork (0.9.2)
    sprockets (2.9.0)
      hike (~> 1.2)
      multi_json (~> 1.0)
      rack (~> 1.0)
      tilt (~> 1.1, != 1.3.0)
    terminal-table (1.4.5)
    thin (1.5.0)
      daemons (>= 1.0.9)
      eventmachine (>= 0.12.6)
      rack (>= 1.0.0)
    thor (0.17.0)
    thread_safe (0.1.0)
      atomic
    tilt (1.3.6)
    treetop (1.4.12)
      polyglot
      polyglot (>= 0.3.1)
    turbolinks (1.0.0)
      coffee-rails
    tzinfo (0.3.37)
    uglifier (1.3.0)
      execjs (>= 0.3.0)
      multi_json (~> 1.0, >= 1.0.2)
    uuidtools (2.1.3)
    virtus (0.5.4)
      backports (~> 2.6.1)
      descendants_tracker (~> 0.0.1)
    websocket (1.0.7)
    xpath (1.0.0)
      nokogiri (~> 1.3)

PLATFORMS
  ruby

DEPENDENCIES
  bcrypt-ruby (~> 3.0.0)
  better_errors
  binding_of_caller
  coffee-rails!
  concerned (~> 0.1.3)
  context_exposer (~> 0.4.1)!
  controll (~> 0.3.2)!
  database_cleaner (>= 0.8)
  decent_exposure (>= 2.0.0)
  draper (>= 1.1.0)!
  ember-auth-rails!
  ember-bootstrap-rails!
  ember-oauth2-rails!
  ember-rails
  emblem-rails
  factory_girl_rails
  focused_controller (~> 0.1.0)!
  font-awesome-sass-rails (~> 3.0.2.2)!
  geocoder (>= 1.1)!
  gmaps-autocomplete-rails
  gmaps4rails (>= 2.0.0.pre)!
  growl
  guard
  guard-bundler
  guard-rspec
  guard-spork
  haml!
  haml-rails
  hashie (~> 1.2)
  imperator-ext (~> 0.2.4)!
  jbuilder (>= 1.0.1)
  jquery-rails
  jquery-ui-rails
  launchy
  masonry-rails (~> 0.2.0)
  meta_request
  mongoid (>= 4)!
  mongoid_geospatial (>= 2.7.1)!
  mongoid_indexing (~> 0.1.2)
  on_the_map
  pivotal-github!
  poltergeist
  property_description!
  property_living_space!
  property_location!
  pry
  rails (~> 4.0.0.beta1)!
  rb-fsevent (>= 0.9)
  rent_account!
  rent_property!
  rspec-rails (>= 2.5)
  sass-rails!
  sorcery (~> 0.8.1)!
  spork
  sprockets-rails (~> 2.0.0.rc3)!
  sugar-high (~> 0.7.3)!
  thin
  turbolinks
  twitter-bootstrap-rails (>= 2.2.6)!
  uglifier (>= 1.0.3)
  xduration (~> 3.0)!
